NUGET
  remote: https://nuget.org/api/v2
  specs:
    FAKE (3.11.3)
    FsCheck (1.0.3)
    FsCheck.Xunit (1.0.3)
      FsCheck (>= 1.0.3)
      xunit (>= 1.9.2)
    xunit (1.9.2)
    xunit.extensions (1.9.2)
      xunit (1.9.2)
