NUGET
  remote: https://nuget.org/api/v2
  specs:
    FsCheck (1.0.3)
